GEM
  remote: http://rubygems.org/
  specs:
    activesupport (3.0.0)
    bson (1.0.7)
    gemcutter (0.6.1)
    git (1.2.5)
    jeweler (1.4.0)
      gemcutter (>= 0.1.0)
      git (>= 1.2.5)
      rubyforge (>= 2.0.0)
    json_pure (1.4.6)
    mongo (1.0.8)
      bson (>= 1.0.5)
    rack (1.2.1)
    rack-test (0.5.4)
      rack (>= 1.0)
    rspec (1.3.0)
    rubyforge (2.0.4)
      json_pure (>= 1.1.7)
    sinatra (1.0)
      rack (>= 1.0)
    sinatra_more (0.3.40)
      activesupport (>= 2.2.2)
      bundler (>= 0.9.2)
      sinatra (>= 0.9.2)
      thor (>= 0.11.8)
      tilt (>= 0.2)
    thor (0.14.0)
    tilt (1.0.1)

PLATFORMS
  ruby

DEPENDENCIES
  activesupport
  jeweler
  mongo
  rack-test
  rspec (= 1.3.0)
  sinatra
  sinatra_more
