PATH
  remote: .
  specs:
    bottlerocket (0.0.3)
      activesupport (= 3.0)
      haml (= 3.0.25)
      mongo (= 1.0.8)
      sinatra (= 1.0)
      sinatra_more (= 0.3.40)

GEM
  specs:
    activesupport (3.0.0)
    bson (1.1.2)
    diff-lcs (1.1.2)
    haml (3.0.25)
    mongo (1.0.8)
      bson (>= 1.0.5)
    rack (1.2.1)
    rack-test (0.5.6)
      rack (>= 1.0)
    rspec (2.3.0)
      rspec-core (~> 2.3.0)
      rspec-expectations (~> 2.3.0)
      rspec-mocks (~> 2.3.0)
    rspec-core (2.3.1)
    rspec-expectations (2.3.0)
      diff-lcs (~> 1.1.2)
    rspec-mocks (2.3.0)
    sinatra (1.0)
      rack (>= 1.0)
    sinatra_more (0.3.40)
      activesupport (>= 2.2.2)
      bundler (>= 0.9.2)
      sinatra (>= 0.9.2)
      thor (>= 0.11.8)
      tilt (>= 0.2)
    thor (0.14.6)
    tilt (1.2.1)

PLATFORMS
  ruby

DEPENDENCIES
  activesupport (= 3.0)
  bottlerocket!
  haml (= 3.0.25)
  mongo (= 1.0.8)
  rack-test
  rspec
  sinatra (= 1.0)
  sinatra_more (= 0.3.40)
